GEM
  remote: https://rubygems.org/
  specs:
    docker-api (1.31.0)
      excon (>= 0.38.0)
      json
    excon (0.52.0)
    json (2.0.2)

PLATFORMS
  ruby

DEPENDENCIES
  docker-api

BUNDLED WITH
   1.12.5
